GEM
  remote: https://rubygems.org/
  specs:
    addressable (2.8.1)
      public_suffix (>= 2.0.2, < 6.0)
    childprocess (4.1.0)
    coderay (1.1.3)
    connection_pool (2.3.0)
    damerau-levenshtein (1.3.3)
    domain_name (0.5.20190701)
      unf (>= 0.0.5, < 1.0.0)
    ffi (1.15.5)
    fxruby (1.6.45)
      mini_portile2 (~> 2.1)
    http-cookie (1.0.5)
      domain_name (~> 0.5)
    jwt (2.2.2)
    kmeans-clusterer (0.11.4)
      narray (~> 0.6)
    mechanize (2.8.5)
      addressable (~> 2.8)
      domain_name (~> 0.5, >= 0.5.20190701)
      http-cookie (~> 1.0, >= 1.0.3)
      mime-types (~> 3.0)
      net-http-digest_auth (~> 1.4, >= 1.4.1)
      net-http-persistent (>= 2.5.2, < 5.0.dev)
      nokogiri (~> 1.11, >= 1.11.2)
      rubyntlm (~> 0.6, >= 0.6.3)
      webrick (~> 1.7)
      webrobots (~> 0.1.2)
    method_source (1.0.0)
    mime-types (3.4.1)
      mime-types-data (~> 3.2015)
    mime-types-data (3.2022.0105)
    mini_portile2 (2.8.0)
    narray (0.6.1.2)
    net-http-digest_auth (1.4.1)
    net-http-persistent (4.0.1)
      connection_pool (~> 2.2)
    net-http-pipeline (1.0.1)
    nfnetlink (1.0.2)
      ffi
    nfqueue (1.0.4)
      ffi
      nfnetlink
    nokogiri (1.13.9-x86_64-linux)
      racc (~> 1.4)
    optimist (3.0.1)
    pry (0.14.1)
      coderay (~> 1.1)
      method_source (~> 1.0)
    public_suffix (5.0.0)
    racc (1.6.0)
    rexml (3.2.5)
    rubyntlm (0.6.3)
    rubyzip (2.3.2)
    selenium-webdriver (4.6.1)
      childprocess (>= 0.5, < 5.0)
      rexml (~> 3.2, >= 3.2.5)
      rubyzip (>= 1.2.2, < 3.0)
      websocket (~> 1.0)
    unf (0.1.4)
      unf_ext
    unf_ext (0.0.8.2)
    uri (0.11.0)
    webrick (1.7.0)
    webrobots (0.1.2)
    websocket (1.2.9)
    xmlrpc (0.3.2)
      webrick

PLATFORMS
  x86_64-linux

DEPENDENCIES
  damerau-levenshtein
  fxruby (= 1.6.45)
  jwt (= 2.2.2)
  kmeans-clusterer
  mechanize
  net-http-pipeline (= 1.0.1)
  nfqueue (= 1.0.4)
  optimist
  pry
  selenium-webdriver
  uri
  xmlrpc

BUNDLED WITH
   2.3.7
